PATH
  remote: .
  specs:
    sweet_pi (0.2.0)
      thor (~> 1.0.1)

GEM
  remote: https://rubygems.org/
  specs:
    diff-lcs (1.3)
    io-console (0.5.4)
    irb (1.2.1)
      reline (>= 0.0.1)
    rake (13.0.1)
    reline (0.1.2)
      io-console (~> 0.5)
    rspec (3.9.0)
      rspec-core (~> 3.9.0)
      rspec-expectations (~> 3.9.0)
      rspec-mocks (~> 3.9.0)
    rspec-core (3.9.1)
      rspec-support (~> 3.9.1)
    rspec-expectations (3.9.0)
      diff-lcs (>= 1.2.0, < 2.0)
      rspec-support (~> 3.9.0)
    rspec-mocks (3.9.1)
      diff-lcs (>= 1.2.0, < 2.0)
      rspec-support (~> 3.9.0)
    rspec-support (3.9.2)
    thor (1.0.1)

PLATFORMS
  ruby

DEPENDENCIES
  bundler (~> 2.1.4)
  irb (~> 1.2.1)
  rake (~> 13.0.0)
  rspec (~> 3.9.0)
  sweet_pi!

BUNDLED WITH
   2.1.4
